PATH
  remote: .
  specs:
    freeagent-cli (0.2)
      dotenv (> 2.1.2)
      oauth2 (~> 2)
      thor (~> 1.3)
      webrick (~> 1.9)

GEM
  remote: https://rubygems.org/
  specs:
    base64 (0.2.0)
    bigdecimal (3.1.9)
    dotenv (3.1.8)
    faraday (2.13.1)
      faraday-net_http (>= 2.0, < 3.5)
      json
      logger
    faraday-net_http (3.4.0)
      net-http (>= 0.5.0)
    hashie (5.0.0)
    json (2.11.3)
    jwt (2.10.1)
      base64
    logger (1.7.0)
    multi_xml (0.7.2)
      bigdecimal (~> 3.1)
    net-http (0.6.0)
      uri
    oauth2 (2.0.9)
      faraday (>= 0.17.3, < 3.0)
      jwt (>= 1.0, < 3.0)
      multi_xml (~> 0.5)
      rack (>= 1.2, < 4)
      snaky_hash (~> 2.0)
      version_gem (~> 1.1)
    rack (3.1.13)
    rake (13.2.1)
    snaky_hash (2.0.1)
      hashie
      version_gem (~> 1.1, >= 1.1.1)
    thor (1.3.2)
    uri (1.0.3)
    version_gem (1.1.7)
    webrick (1.9.1)

PLATFORMS
  arm64-darwin-22
  ruby

DEPENDENCIES
  freeagent-cli!
  rake (~> 13)

BUNDLED WITH
   2.5.22
